PATH
  remote: .
  specs:
    hsmr (0.0.2)

GEM
  remote: https://rubygems.org/
  specs:
    activesupport (7.0.4.3)
      concurrent-ruby (~> 1.0, >= 1.0.2)
      i18n (>= 1.6, < 2)
      minitest (>= 5.1)
      tzinfo (~> 2.0)
    concurrent-ruby (1.2.2)
    factory_bot (6.2.0)
      activesupport (>= 5.0.0)
    guard-compat (1.2.1)
    guard-test (2.0.8)
      guard-compat (~> 1.2)
      test-unit (~> 3.0)
    i18n (1.12.0)
      concurrent-ruby (~> 1.0)
    minitest (5.18.0)
    power_assert (2.0.0)
    rake (13.0.3)
    test-unit (3.4.4)
      power_assert
    tzinfo (2.0.6)
      concurrent-ruby (~> 1.0)

PLATFORMS
  x86_64-darwin-20
  x86_64-linux

DEPENDENCIES
  factory_bot (~> 6)
  guard-test (~> 2)
  hsmr!
  rake (~> 13)

BUNDLED WITH
   2.2.17
