PATH
  remote: .
  specs:
    hsmr (0.0.1)

GEM
  remote: http://rubygems.org/
  specs:
    activesupport (3.1.1)
      multi_json (~> 1.0)
    factory_girl (2.2.0)
      activesupport
    guard (0.8.8)
      thor (~> 0.14.6)
    guard-test (0.4.1)
      guard (>= 0.4)
      test-unit (~> 2.2)
    multi_json (1.0.3)
    rake (13.0.1)
    test-unit (2.4.1)
    thor (0.14.6)

PLATFORMS
  ruby

DEPENDENCIES
  factory_girl
  guard-test
  hsmr!
  rake
