PATH
  remote: .
  specs:
    hsmr (0.0.1)

GEM
  remote: http://rubygems.org/
  specs:
    activesupport (5.2.3)
      concurrent-ruby (~> 1.0, >= 1.0.2)
      i18n (>= 0.7, < 2)
      minitest (~> 5.1)
      tzinfo (~> 1.1)
    concurrent-ruby (1.1.5)
    factory_girl (2.2.0)
      activesupport
    guard (0.8.8)
      thor (~> 0.14.6)
    guard-test (0.4.1)
      guard (>= 0.4)
      test-unit (~> 2.2)
    i18n (1.6.0)
      concurrent-ruby (~> 1.0)
    minitest (5.11.3)
    rake (0.9.2.2)
    test-unit (2.4.1)
    thor (0.14.6)
    thread_safe (0.3.6)
    tzinfo (1.2.5)
      thread_safe (~> 0.1)

PLATFORMS
  ruby

DEPENDENCIES
  factory_girl
  guard-test
  hsmr!
  rake
